PATH
  remote: .
  specs:
    pith (0.0.11)
      adsf (~> 1.0.1)
      rack (>= 1.1.0)
      thin (>= 1.2.6)
      tilt (~> 0.9)

GEM
  remote: http://rubygems.org/
  specs:
    RedCloth (4.2.3)
    adsf (1.0.1)
      rack (>= 1.0.0)
    builder (2.1.2)
    cucumber (0.8.5)
      builder (~> 2.1.2)
      diff-lcs (~> 1.1.2)
      gherkin (~> 2.1.4)
      json_pure (~> 1.4.3)
      term-ansicolor (~> 1.0.4)
    daemons (1.1.0)
    diff-lcs (1.1.2)
    eventmachine (0.12.10)
    gherkin (2.1.5)
      trollop (~> 1.16.2)
    haml (3.0.22)
    json_pure (1.4.6)
    rack (1.2.1)
    rake (0.8.7)
    rdiscount (1.6.5)
    rspec (1.2.9)
    term-ansicolor (1.0.5)
    thin (1.2.7)
      daemons (>= 1.0.9)
      eventmachine (>= 0.12.6)
      rack (>= 1.0.0)
    tilt (0.10)
    trollop (1.16.2)

PLATFORMS
  ruby

DEPENDENCIES
  RedCloth
  adsf (~> 1.0.1)
  cucumber (~> 0.8.3)
  haml
  pith!
  rack (>= 1.1.0)
  rake
  rdiscount
  rspec (~> 1.2.9)
  thin (>= 1.2.6)
  tilt (~> 0.9)
